STORAGE: NONE
RESTRICTION: == netstandard2.0
NUGET
  remote: https://www.nuget.org/api/v2
    Fable.AST (4.2.1)
    Fable.Browser.Blob (1.3)
      Fable.Core (>= 3.0)
      FSharp.Core (>= 4.7.2)
    Fable.Browser.Css (2.3)
      Fable.Browser.Dom (>= 2.11)
      Fable.Browser.Svg (>= 2.3)
      Fable.Core (>= 3.0)
      FSharp.Core (>= 4.7.2)
    Fable.Browser.Dom (2.4.4)
      Fable.Browser.Blob (>= 1.1.4)
      Fable.Browser.Event (>= 1.4.4)
      Fable.Browser.WebStorage (>= 1.0.4)
      Fable.Core (>= 3.0)
      FSharp.Core (>= 4.7.2)
    Fable.Browser.Event (1.4.5)
      Fable.Browser.Gamepad (>= 1.0.3)
      Fable.Core (>= 3.0)
      FSharp.Core (>= 4.7.2)
    Fable.Browser.Gamepad (1.2)
      Fable.Core (>= 3.0)
      FSharp.Core (>= 4.7.2)
    Fable.Browser.Geolocation (1.2)
      Fable.Core (>= 3.0)
      FSharp.Core (>= 4.7.2)
    Fable.Browser.MediaQueryList (1.4)
      Fable.Browser.Dom (>= 2.11)
      Fable.Browser.Event (>= 1.5)
      Fable.Core (>= 3.0)
      FSharp.Core (>= 4.7.2)
    Fable.Browser.MediaStream (3.3)
      Fable.Browser.Dom (>= 2.11)
      Fable.Browser.Event (>= 1.5)
      Fable.Core (>= 3.0)
      FSharp.Core (>= 4.7.2)
    Fable.Browser.Navigator (2.0)
      Fable.Browser.Gamepad (>= 1.0.3)
      Fable.Browser.Geolocation (>= 1.0.4)
      Fable.Browser.MediaStream (>= 3.0.4)
      Fable.Browser.Worker (>= 1.0.5)
      Fable.Core (>= 3.1.5)
      FSharp.Core (>= 4.7.2)
    Fable.Browser.Svg (2.3)
      Fable.Browser.Dom (>= 2.11)
      Fable.Core (>= 3.0)
      FSharp.Core (>= 4.7.2)
    Fable.Browser.WebStorage (1.2)
      Fable.Browser.Event (>= 1.5)
      Fable.Core (>= 3.0)
      FSharp.Core (>= 4.7.2)
    Fable.Browser.Worker (1.2)
      Fable.Browser.Event (>= 1.5)
      Fable.Core (>= 3.0)
      FSharp.Core (>= 4.7.2)
    Fable.Core (4.0)
    Fable.Elmish (4.0.2)
      Fable.Core (>= 3.7.1)
      FSharp.Core (>= 4.7.2)
    Fable.Elmish.Browser (4.0.1)
      Fable.Browser.Dom (>= 2.10.1)
      Fable.Elmish (>= 4.0)
      Fable.Elmish.UrlParser (>= 1.0.1)
      FSharp.Core (>= 4.7.2)
    Fable.Elmish.HMR (7.0)
      Fable.Core (>= 3.7.1)
      Fable.Elmish.React (>= 4.0)
      FSharp.Core (>= 4.7.2)
    Fable.Elmish.React (4.0)
      Fable.Elmish (>= 4.0)
      Fable.ReactDom.Types (>= 18.0)
      FSharp.Core (>= 4.7.2)
    Fable.Elmish.UrlParser (1.0.1)
      FSharp.Core (>= 4.7.2)
    Fable.Fetch (2.6)
      Fable.Browser.Blob (>= 1.2)
      Fable.Browser.Event (>= 1.5)
      Fable.Core (>= 3.7.1)
      Fable.Promise (>= 2.2.2)
      FSharp.Core (>= 4.7.2)
    Fable.FontAwesome (3.0)
      Fable.Core (>= 3.7.1)
      Fable.React (>= 9.2)
    Fable.FontAwesome.Free (3.0)
      Fable.Core (>= 3.7.1)
      Fable.FontAwesome (>= 3.0)
      Fable.React (>= 9.2)
    Fable.Promise (3.2)
      Fable.Core (>= 3.7.1)
      FSharp.Core (>= 4.7.2)
    Fable.React (9.3)
      Fable.React.Types (>= 18.3)
      Fable.ReactDom.Types (>= 18.2)
      FSharp.Core (>= 4.7.2)
    Fable.React.Types (18.3)
      Fable.Browser.Dom (>= 2.4.4)
      Fable.Core (>= 3.2.7)
      FSharp.Core (>= 4.7.2)
    Fable.ReactDom.Types (18.2)
      Fable.React.Types (>= 18.3)
      FSharp.Core (>= 4.7.2)
    Feliz (2.6)
      Fable.ReactDom.Types (>= 18.2)
      Feliz.CompilerPlugins (>= 2.2)
      FSharp.Core (>= 4.7.2)
    Feliz.Bulma (3.0)
      Feliz (>= 2.4)
      FSharp.Core (>= 4.7.2)
    Feliz.Bulma.Tooltip (3.0)
      Feliz (>= 2.4)
      Feliz.Bulma (>= 3.0)
      FSharp.Core (>= 4.7.2)
    Feliz.CompilerPlugins (2.2)
      Fable.AST (>= 4.2.1)
      FSharp.Core (>= 4.7.2)
    FsCheck (2.16.6)
      FSharp.Core (>= 4.2.3)
    FsCheck.NUnit (2.16.6)
      FsCheck (2.16.6)
      NUnit (>= 3.13.1 < 4.0)
    FSharp.Core (7.0.300)
    Microsoft.NET.Test.Sdk (17.7)
    Microsoft.NETCore.Platforms (7.0.4)
    NETStandard.Library (2.0.3)
      Microsoft.NETCore.Platforms (>= 1.1)
    NUnit (3.13.3)
      NETStandard.Library (>= 2.0)
    NUnit3TestAdapter (4.5)
    SourceLink.Create.CommandLine (2.8.3)
    Thoth.Elmish.Toast (4.0)
      Fable.Core (>= 3.7.1)
      Fable.Elmish (>= 4.0)
      Fable.Promise (>= 2.0)
      Fable.React (>= 9.2)
      FSharp.Core (>= 6.0.7)
    Thoth.Json (10.2)
      Fable.Core (>= 3.6.2)
      FSharp.Core (>= 4.7.2)
    Unquote (6.1)
      FSharp.Core (>= 4.7.2)
GITHUB
  remote: elmish/elmish
    FULLPROJECT (8354fe939afe8a5de633586915c7da31b29e162a)
      Fable.Core
      FsCheck
      FsCheck.NUnit
      FSharp.Core
      Microsoft.NET.Test.Sdk
      nunit
      NUnit3TestAdapter
      SourceLink.Create.CommandLine
      Unquote
  remote: fable-compiler/fable-promise
    FULLPROJECT (14eca483d664dce5aebbe50fb92a536a7c1ffe53)
  remote: alfonsogarciacaro/Feliz.Engine
    FULLPROJECT (61152aebd6c0b7878bfc4db05e2e10724b434a3e)
  remote: alfonsogarciacaro/Feliz.Snabbdom
    FULLPROJECT (7b28ccbceebcc9b66a8cb67aab89b7ae9576dbfb)
  remote: davedawkins/Feliz.Engine.Bulma
    FULLPROJECT (0df54855ac3464a432cd207412ab66e650a87d77)
  remote: davedawkins/Sutil
    FULLPROJECT (343bc31867127638a79afede0dcaa97ca56fa264)